PATH
  remote: .
  specs:
    semver (1.0.1)

GEM
  remote: http://rubygems.org/
  specs:

PLATFORMS
  x86-mingw32

DEPENDENCIES
  semver!
